GEM
  remote: https://rubygems.org/
  specs:
    ffi (1.12.2)
    get_process_mem (0.2.5)
      ffi (~> 1.0)
    rack (2.2.2)

PLATFORMS
  ruby

DEPENDENCIES
  get_process_mem
  rack

RUBY VERSION
   ruby 2.6.6p146

BUNDLED WITH
   2.1.4
